GEM
  remote: https://rubygems.org/
  specs:
    bson (3.2.6)
    ffi (1.9.10)
    ffi (1.9.10-x64-mingw32)
    mongo (2.1.2)
      bson (~> 3.0)
    redis (3.2.2)
    rubyserial (0.2.4)
      ffi (~> 1.9.3)
    serialport (1.3.1)

PLATFORMS
  ruby
  x64-mingw32

DEPENDENCIES
  mongo
  redis
  rubyserial
  serialport

BUNDLED WITH
   1.11.2
