GEM
  remote: https://rubygems.org/
  specs:
    bson (3.2.6)
    mongo (2.1.2)
      bson (~> 3.0)
    redis (3.2.2)
    serialport (1.3.1)

PLATFORMS
  ruby

DEPENDENCIES
  mongo
  redis
  serialport

BUNDLED WITH
   1.11.2
